GEM
  remote: https://rubygems.org/
  specs:
    concurrent-ruby (1.1.7)
    diff-lcs (1.3)
    faker (2.15.1)
      i18n (>= 1.6, < 2)
    i18n (1.8.7)
      concurrent-ruby (~> 1.0)
    knapsack_pro (2.6.0)
      rake
    rake (13.0.1)
    rspec (3.9.0)
      rspec-core (~> 3.9.0)
      rspec-expectations (~> 3.9.0)
      rspec-mocks (~> 3.9.0)
    rspec-core (3.9.1)
      rspec-support (~> 3.9.1)
    rspec-expectations (3.9.0)
      diff-lcs (>= 1.2.0, < 2.0)
      rspec-support (~> 3.9.0)
    rspec-mocks (3.9.0)
      diff-lcs (>= 1.2.0, < 2.0)
      rspec-support (~> 3.9.0)
    rspec-support (3.9.2)
    rspec_junit_formatter (0.4.1)
      rspec-core (>= 2, < 4, != 2.12.0)

PLATFORMS
  ruby

DEPENDENCIES
  faker
  knapsack_pro
  rspec (~> 3.9.0)
  rspec_junit_formatter (~> 0.4.1)

BUNDLED WITH
   2.2.5
